GEM
  remote: https://rubygems.org/
  specs:
    archieml (0.2.0)
    aws-sdk (2.2.37)
      aws-sdk-resources (= 2.2.37)
    aws-sdk-core (2.2.37)
      jmespath (~> 1.0)
    aws-sdk-resources (2.2.37)
      aws-sdk-core (= 2.2.37)
    jmespath (1.2.4)
      json_pure (>= 1.8.1)
    json_pure (1.8.3)
    slop (4.3.0)

PLATFORMS
  ruby

DEPENDENCIES
  archieml
  aws-sdk (>= 2.2)
  slop

BUNDLED WITH
   1.11.2
